GEM
  remote: https://rubygems.org/
  specs:
    rails (7.0.8)

PLATFORMS
  ruby
  x86_64-linux

DEPENDENCIES
  rails (~> 7.0.0)

RUBY VERSION
   ruby 3.3.0p0

BUNDLED WITH
   2.5.23
