GEM
  remote: https://rubygems.org/
  specs:
    rails (7.0.8.7)
    pg (1.6.2)
    puma (6.4.3)
    redis (5.4.1)
    bootsnap (1.18.0)

PLATFORMS
  ruby
  x86_64-linux

DEPENDENCIES
  rails (~> 7.0.0)
  pg (~> 1.4)
  puma (~> 6.0)
  redis (~> 5.0)
  bootsnap (>= 1.4.4)

RUBY VERSION
   ruby 3.3.0p0

BUNDLED WITH
   2.5.23