GEM
  remote: https://rubygems.org/
  specs:
    actioncable (7.0.8)
    actionmailbox (7.0.8)
    actionmailer (7.0.8)
    actionpack (7.0.8)
    actiontext (7.0.8)
    actionview (7.0.8)
    activejob (7.0.8)
    activemodel (7.0.8)
    activerecord (7.0.8)
    activerecord-import (1.5.0)
    activestorage (7.0.8)
    activesupport (7.0.8)
    active_model_serializers (0.10.14)
    activeadmin (3.2.2)
    arctic_admin (4.3.3)
    aws-sdk-s3 (1.199.0)
    bcrypt (3.1.20)
    bitcoin-ruby (0.0.20)
    bitcoin-client (0.0.3)
    bootsnap (1.18.0)
    cancancan (3.6.1)
    config (5.1.0)
    connection_pool (2.5.4)
    database_cleaner-active_record (2.2.2)
    devise (4.9.4)
    dotenv-rails (3.1.8)
    factory_bot_rails (6.5.0)
    faker (3.5.2)
    faraday (2.13.4)
    faraday-retry (2.3.2)
    httparty (0.22.0)
    image_processing (1.14.0)
    jbuilder (2.14.1)
    jwt (3.1.2)
    listen (3.9.0)
    lograge (0.14.0)
    pg (1.6.2)
    pg_search (2.3.7)
    prometheus-client (4.2.5)
    puma (6.4.3)
    rack-attack (6.7.0)
    rack-cors (2.0.2)
    rack-ssl-enforcer (0.2.9)
    rails (7.0.8.7)
    redis (5.4.1)
    rotp (6.3.0)
    rqrcode (3.1.0)
    rspec-rails (7.1.1)
    rubocop (1.80.2)
    rubocop-rails (2.33.3)
    rubocop-rspec (3.7.0)
    secure_headers (7.1.0)
    sentry-rails (5.27.1)
    sentry-ruby (5.27.1)
    shoulda-matchers (5.3.0)
    sidekiq (7.3.9)
    sidekiq-cron (2.3.1)
    spring (2.1.1)
    spring-watcher-listen (2.0.1)
    tzinfo-data (1.2024.2)
    vcr (6.3.1)
    web-console (4.2.1)
    webmock (3.25.1)

PLATFORMS
  ruby
  x86_64-linux

DEPENDENCIES
  active_model_serializers
  activeadmin
  activerecord-import
  arctic_admin
  aws-sdk-s3
  bcrypt (~> 3.1.7)
  bitcoin-client
  bitcoin-ruby
  bootsnap (>= 1.4.4)
  cancancan
  config
  connection_pool
  database_cleaner-active_record
  devise
  dotenv-rails
  factory_bot_rails
  faker
  faraday
  faraday-retry
  httparty
  image_processing (~> 1.2)
  jbuilder
  jwt
  listen (~> 3.3)
  lograge
  pg (~> 1.4)
  pg_search
  prometheus-client
  puma (~> 6.0)
  rack-attack
  rack-cors
  rack-ssl-enforcer
  rails (~> 7.0.0)
  redis (~> 5.0)
  rotp
  rqrcode
  rspec-rails
  rubocop
  rubocop-rails
  rubocop-rspec
  secure_headers
  sentry-rails
  sentry-ruby
  shoulda-matchers
  sidekiq
  sidekiq-cron
  spring
  spring-watcher-listen (~> 2.0.0)
  tzinfo-data
  vcr
  web-console
  webmock

RUBY VERSION
   ruby 3.3.0p0

BUNDLED WITH
   2.5.23
